PATH
  remote: .
  specs:
    dropdown_select (0.0.1)

GEM
  remote: https://rubygems.org/
  specs:

PLATFORMS
  ruby

DEPENDENCIES
  dropdown_select!
