PATH
  remote: .
  specs:
    simple_form-dropdown_select (0.0.1)

GEM
  remote: https://rubygems.org/
  specs:

PLATFORMS
  ruby

DEPENDENCIES
  simple_form-dropdown_select!
